GEM
  remote: https://rubygems.org/
  specs:
    power_assert (1.1.5)
    test-unit (3.3.4)
      power_assert

PLATFORMS
  ruby

DEPENDENCIES
  test-unit

BUNDLED WITH
   2.1.2
